GIT
  remote: git://github.com/gluio/nesta-contentfocus-extensions.git
  revision: ccfcf204d87bbc4493577987fa8bb9063a3d121c
  specs:
    nesta-contentfocus-extensions (0.0.3)
      gemoji-parser (~> 1.3.1)
      kramdown (~> 1.5.0)
      neat (~> 1.7.2)
      nesta (>= 0.11.0)
      rouge (~> 1.9.1)
      sass (~> 3.4.16)
      sass_paths (~> 1.0.1)
      sinatra-flash (~> 0.3.0)
      sprockets (~> 3.2.0)
      tilt (~> 1.4.0)
      uglifier (~> 2.7.1)

GIT
  remote: git://github.com/gluio/nesta-plugin-contentfocus.git
  revision: cf740a8cd9af6c38d1657ac11021fcf80c678011
  specs:
    nesta-plugin-contentfocus (0.0.20)
      encryptor (~> 1.3.0)
      nesta (>= 0.11.0)
      pusher-client (~> 0.6.2)
      redcarpet (~> 3.2.2)
      rest-client
      tilt (~> 1.4.0)
      websocket-native
      yajl-ruby

GIT
  remote: git://github.com/gluio/nesta-theme-median.git
  revision: d1141585c395e12b93c888afa58003c0434584d4
  specs:
    nesta-theme-median (0.0.1)
      nesta
      nesta-contentfocus-extensions

GIT
  remote: git://github.com/gma/nesta.git
  revision: 482892c5ced85b55846eeffa4423a6b0b3fdf5c3
  ref: 482892
  specs:
    nesta (0.11.1)
      RedCloth (~> 4.2)
      haml (>= 3.1)
      haml-contrib (>= 1.0)
      rack (>= 1.3)
      rdiscount (~> 2.1)
      sass (>= 3.1)
      sinatra (~> 1.4)
      tilt (~> 1.4)

GEM
  remote: http://rubygems.org/
  specs:
    RedCloth (4.2.9)
    bourbon (4.2.6)
      sass (~> 3.4)
      thor (~> 0.19)
    domain_name (0.5.25)
      unf (>= 0.0.5, < 1.0.0)
    encryptor (1.3.0)
    execjs (2.6.0)
    gemoji (2.1.0)
    gemoji-parser (1.3.1)
      gemoji (>= 2.1.0)
    haml (4.0.7)
      tilt
    haml-contrib (1.0.0.1)
      haml (>= 3.2.0.alpha.13)
    http-cookie (1.0.2)
      domain_name (~> 0.5)
    json (1.8.3)
    kramdown (1.5.0)
    mime-types (2.99)
    neat (1.7.2)
      bourbon (>= 4.0)
      sass (>= 3.3)
    netrc (0.11.0)
    puma (2.11.3)
      rack (>= 1.1, < 2.0)
    pusher-client (0.6.2)
      json
      websocket (~> 1.0)
    rack (1.6.4)
    rack-protection (1.5.3)
      rack
    rdiscount (2.1.8)
    redcarpet (3.2.3)
    rest-client (1.8.0)
      http-cookie (>= 1.0.2, < 2.0)
      mime-types (>= 1.16, < 3.0)
      netrc (~> 0.7)
    rouge (1.9.1)
    sass (3.4.21)
    sass_paths (1.0.1)
      sass (~> 3.2)
    sinatra (1.4.7)
      rack (~> 1.5)
      rack-protection (~> 1.4)
      tilt (>= 1.3, < 3)
    sinatra-flash (0.3.0)
      sinatra (>= 1.0.0)
    sprockets (3.2.0)
      rack (~> 1.0)
    thor (0.19.1)
    tilt (1.4.1)
    uglifier (2.7.2)
      execjs (>= 0.3.0)
      json (>= 1.8.0)
    unf (0.1.4)
      unf_ext
    unf_ext (0.0.7.1)
    websocket (1.2.2)
    websocket-native (1.0.0)
    yajl-ruby (1.2.1)

PLATFORMS
  ruby

DEPENDENCIES
  nesta!
  nesta-contentfocus-extensions!
  nesta-plugin-contentfocus!
  nesta-theme-median!
  puma (~> 2.11.0)

BUNDLED WITH
   1.10.6
