GIT
  remote: https://github.com/gluio/nesta-contentfocus-extensions.git
  revision: 72c337722dd20788f7feffcf8421091e882e49d3
  specs:
    nesta-contentfocus-extensions (0.0.3)
      gemoji-parser (~> 1.3.1)
      kramdown (~> 1.5.0)
      nesta (>= 0.11.0)
      rouge (~> 1.9.1)
      sass (~> 3.4.16)
      sass_paths (~> 1.0.1)
      sinatra-flash (~> 0.3.0)
      sprockets (~> 3.2.0)
      tilt (~> 1.4.0)
      uglifier (~> 2.7.1)

GIT
  remote: https://github.com/gluio/nesta-plugin-contentfocus.git
  revision: cf740a8cd9af6c38d1657ac11021fcf80c678011
  specs:
    nesta-plugin-contentfocus (0.0.20)
      encryptor (~> 1.3.0)
      nesta (>= 0.11.0)
      pusher-client (~> 0.6.2)
      redcarpet (~> 3.2.2)
      rest-client
      tilt (~> 1.4.0)
      websocket-native
      yajl-ruby

GIT
  remote: https://github.com/gluio/nesta-theme-median
  revision: 9f5d41a94b751d79efd644c0dc5639c6ee307645
  specs:
    nesta-theme-median (0.0.1)
      nesta
      nesta-contentfocus-extensions

GEM
  remote: http://rubygems.org/
  specs:
    RedCloth (4.2.9)
    domain_name (0.5.24)
      unf (>= 0.0.5, < 1.0.0)
    encryptor (1.3.0)
    execjs (2.5.2)
    gemoji (2.1.0)
    gemoji-parser (1.3.1)
      gemoji (>= 2.1.0)
    haml (4.1.0.beta.1)
      tilt
    haml-contrib (1.0.0.1)
      haml (>= 3.2.0.alpha.13)
    http-cookie (1.0.2)
      domain_name (~> 0.5)
    json (1.8.3)
    kramdown (1.5.0)
    mime-types (2.6.1)
    nesta (0.11.1)
      RedCloth (~> 4.2)
      haml (>= 3.1)
      haml-contrib (>= 1.0)
      rack (>= 1.3)
      rdiscount (~> 2.1)
      sass (>= 3.1)
      sinatra (~> 1.4)
      tilt (~> 1.4)
    netrc (0.10.3)
    puma (2.11.3)
      rack (>= 1.1, < 2.0)
    pusher-client (0.6.2)
      json
      websocket (~> 1.0)
    rack (1.6.4)
    rack-protection (1.5.3)
      rack
    rdiscount (2.1.8)
    redcarpet (3.2.3)
    rest-client (1.8.0)
      http-cookie (>= 1.0.2, < 2.0)
      mime-types (>= 1.16, < 3.0)
      netrc (~> 0.7)
    rouge (1.9.1)
    sass (3.4.16)
    sass_paths (1.0.1)
      sass (~> 3.2)
    sinatra (1.4.6)
      rack (~> 1.4)
      rack-protection (~> 1.4)
      tilt (>= 1.3, < 3)
    sinatra-flash (0.3.0)
      sinatra (>= 1.0.0)
    sprockets (3.2.0)
      rack (~> 1.0)
    tilt (1.4.1)
    uglifier (2.7.1)
      execjs (>= 0.3.0)
      json (>= 1.8.0)
    unf (0.1.4)
      unf_ext
    unf_ext (0.0.7.1)
    websocket (1.2.2)
    websocket-native (1.0.0)
    yajl-ruby (1.2.1)

PLATFORMS
  ruby

DEPENDENCIES
  nesta
  nesta-contentfocus-extensions!
  nesta-plugin-contentfocus!
  nesta-theme-median!
  puma (~> 2.11.0)
