GIT
  remote: https://github.com/gluio/nesta-plugin-contentfocus.git
  revision: 0929a2853f343c50b78a11d4593b8ae2d6f61500
  specs:
    nesta-plugin-contentfocus (0.0.20)
      encryptor (~> 1.3.0)
      nesta (>= 0.11.0)
      pusher-client (~> 0.6.2)
      redcarpet (~> 3.2.2)
      rest-client
      tilt (~> 1.4.0)
      websocket-native
      yajl-ruby

GIT
  remote: https://github.com/gluio/nesta-theme-median
  revision: 4a5e3df3e5cd1668ce2735bef051a03c34228f24
  specs:
    nesta-theme-median (0.0.1)
      nesta
      nesta-contentfocus-extensions

GEM
  remote: http://rubygems.org/
  specs:
    RedCloth (4.2.9)
    domain_name (0.5.24)
      unf (>= 0.0.5, < 1.0.0)
    encryptor (1.3.0)
    ffi (1.9.8)
    haml (4.1.0.beta.1)
      tilt
    haml-contrib (1.0.0.1)
      haml (>= 3.2.0.alpha.13)
    http-cookie (1.0.2)
      domain_name (~> 0.5)
    json (1.8.3)
    kgio (2.9.3)
    listen (1.3.1)
      rb-fsevent (>= 0.9.3)
      rb-inotify (>= 0.9)
      rb-kqueue (>= 0.2)
    mime-types (2.6.1)
    mr-sparkle (0.3.0)
      listen (~> 1.0)
      rb-fsevent (>= 0.9)
      rb-inotify (>= 0.8)
      unicorn (>= 4.5)
    nesta (0.11.1)
      RedCloth (~> 4.2)
      haml (>= 3.1)
      haml-contrib (>= 1.0)
      rack (>= 1.3)
      rdiscount (~> 2.1)
      sass (>= 3.1)
      sinatra (~> 1.4)
      tilt (~> 1.4)
    nesta-contentfocus-extensions (0.0.1)
      nesta (>= 0.11.0)
      redcarpet (~> 3.2.2)
      tilt (~> 1.4.0)
    netrc (0.10.3)
    puma (2.11.3)
      rack (>= 1.1, < 2.0)
    pusher-client (0.6.2)
      json
      websocket (~> 1.0)
    rack (1.6.2)
    rack-protection (1.5.3)
      rack
    raindrops (0.13.0)
    rb-fsevent (0.9.5)
    rb-inotify (0.9.5)
      ffi (>= 0.5.0)
    rb-kqueue (0.2.4)
      ffi (>= 0.5.0)
    rdiscount (2.1.8)
    redcarpet (3.2.3)
    rest-client (1.8.0)
      http-cookie (>= 1.0.2, < 2.0)
      mime-types (>= 1.16, < 3.0)
      netrc (~> 0.7)
    sass (3.4.14)
    sinatra (1.4.6)
      rack (~> 1.4)
      rack-protection (~> 1.4)
      tilt (>= 1.3, < 3)
    tilt (1.4.1)
    unf (0.1.4)
      unf_ext
    unf_ext (0.0.7.1)
    unicorn (4.9.0)
      kgio (~> 2.6)
      rack
      raindrops (~> 0.7)
    websocket (1.2.2)
    websocket-native (1.0.0)
    yajl-ruby (1.2.1)

PLATFORMS
  ruby

DEPENDENCIES
  mr-sparkle
  nesta
  nesta-plugin-contentfocus (~> 0.0.20)!
  nesta-theme-median!
  puma (~> 2.11.0)
