GIT
  remote: https://github.com/gluio/nesta-contentfocus-extensions.git
  revision: ade36bd6221d23e378516eec4d837a9c82f6c9cb
  specs:
    nesta-contentfocus-extensions (0.0.1)
      nesta (>= 0.11.0)
      pygments.rb (~> 0.6.3)
      redcarpet (~> 3.2.2)
      sass_paths (~> 1.0.1)
      sinatra-flash (~> 0.3.0)
      tilt (~> 1.4.0)

GIT
  remote: https://github.com/gluio/nesta-plugin-contentfocus.git
  revision: 4e748e56b49809ef92e18af2e5822a8b5a272d0f
  specs:
    nesta-plugin-contentfocus (0.0.20)
      encryptor (~> 1.3.0)
      nesta (>= 0.11.0)
      pusher-client (~> 0.6.2)
      redcarpet (~> 3.2.2)
      rest-client
      tilt (~> 1.4.0)
      websocket-native
      yajl-ruby

GIT
  remote: https://github.com/gluio/nesta-theme-median
  revision: d0bc81a86a695b7b52245d0909b2d05004f0f9e1
  specs:
    nesta-theme-median (0.0.1)
      nesta
      nesta-contentfocus-extensions

GEM
  remote: http://rubygems.org/
  specs:
    RedCloth (4.2.9)
    domain_name (0.5.24)
      unf (>= 0.0.5, < 1.0.0)
    encryptor (1.3.0)
    haml (4.1.0.beta.1)
      tilt
    haml-contrib (1.0.0.1)
      haml (>= 3.2.0.alpha.13)
    http-cookie (1.0.2)
      domain_name (~> 0.5)
    json (1.8.3)
    mime-types (2.6.1)
    nesta (0.11.1)
      RedCloth (~> 4.2)
      haml (>= 3.1)
      haml-contrib (>= 1.0)
      rack (>= 1.3)
      rdiscount (~> 2.1)
      sass (>= 3.1)
      sinatra (~> 1.4)
      tilt (~> 1.4)
    netrc (0.10.3)
    posix-spawn (0.3.11)
    puma (2.11.3)
      rack (>= 1.1, < 2.0)
    pusher-client (0.6.2)
      json
      websocket (~> 1.0)
    pygments.rb (0.6.3)
      posix-spawn (~> 0.3.6)
      yajl-ruby (~> 1.2.0)
    rack (1.6.4)
    rack-protection (1.5.3)
      rack
    rdiscount (2.1.8)
    redcarpet (3.2.3)
    rest-client (1.8.0)
      http-cookie (>= 1.0.2, < 2.0)
      mime-types (>= 1.16, < 3.0)
      netrc (~> 0.7)
    sass (3.4.15)
    sass_paths (1.0.1)
      sass (~> 3.2)
    sinatra (1.4.6)
      rack (~> 1.4)
      rack-protection (~> 1.4)
      tilt (>= 1.3, < 3)
    sinatra-flash (0.3.0)
      sinatra (>= 1.0.0)
    tilt (1.4.1)
    unf (0.1.4)
      unf_ext
    unf_ext (0.0.7.1)
    websocket (1.2.2)
    websocket-native (1.0.0)
    yajl-ruby (1.2.1)

PLATFORMS
  ruby

DEPENDENCIES
  nesta
  nesta-contentfocus-extensions!
  nesta-plugin-contentfocus (~> 0.0.20)!
  nesta-theme-median!
  puma (~> 2.11.0)
