GIT
  remote: https://github.com/gluio/nesta-plugin-drop.git
  revision: af94442b0b4bfb865f55734ce36f27276c3eb359
  specs:
    nesta-plugin-drop (0.0.1)
      nesta (>= 0.10.0)
      rest-client
      yajl-ruby

GEM
  remote: http://rubygems.org/
  specs:
    RedCloth (4.2.9)
    ffi (1.9.6)
    haml (4.0.6)
      tilt
    kgio (2.9.3)
    listen (1.3.1)
      rb-fsevent (>= 0.9.3)
      rb-inotify (>= 0.9)
      rb-kqueue (>= 0.2)
    mime-types (2.4.3)
    mr-sparkle (0.3.0)
      listen (~> 1.0)
      rb-fsevent (>= 0.9)
      rb-inotify (>= 0.8)
      unicorn (>= 4.5)
    nesta (0.10.0)
      RedCloth (~> 4.2)
      haml (>= 3.1)
      rack (>= 1.3)
      rdiscount (~> 2.1)
      sass (>= 3.1)
      sinatra (~> 1.4)
    netrc (0.10.3)
    rack (1.6.0)
    rack-protection (1.5.3)
      rack
    raindrops (0.13.0)
    rb-fsevent (0.9.4)
    rb-inotify (0.9.5)
      ffi (>= 0.5.0)
    rb-kqueue (0.2.3)
      ffi (>= 0.5.0)
    rdiscount (2.1.8)
    rest-client (1.7.3)
      mime-types (>= 1.16, < 3.0)
      netrc (~> 0.7)
    sass (3.4.13)
    sinatra (1.4.5)
      rack (~> 1.4)
      rack-protection (~> 1.4)
      tilt (~> 1.3, >= 1.3.4)
    tilt (1.4.1)
    unicorn (4.8.3)
      kgio (~> 2.6)
      rack
      raindrops (~> 0.7)
    yajl-ruby (1.2.1)

PLATFORMS
  ruby

DEPENDENCIES
  mr-sparkle
  nesta-plugin-drop!
  unicorn
